GEM
  remote: https://rubygems.org/
  specs:
    minitest (5.11.3)
    racc (1.4.14)
    rake (12.3.1)

PLATFORMS
  ruby

DEPENDENCIES
  minitest
  racc
  rake

BUNDLED WITH
   1.16.0
